{
"AcquisitionMatrixPE": 256,
"AcquisitionNumber": 1,
"AcquisitionTime": "15:54:49.632500",
"BaseResolution": 256,
"BodyPartExamined": "HEAD",
"ConversionSoftware": "dcm2niix",
"ConversionSoftwareVersion": "v1.0.20180622 GCC6.3.0",
"DeviceSerialNumber": "18926",
"DwellTime": 1.5e-05,
"EchoTime": 0.00386,
"FlipAngle": 6,
"ImageOrientationPatientDICOM": [
-0.0226873,
0.999743,
0,
0,
0,
-1
],
"ImageType": [
"ORIGINAL",
"PRIMARY",
"M",
"ND"
],
"InPlanePhaseEncodingDirectionDICOM": "ROW",
"InstitutionName": "NIMH",
"InstitutionalDepartmentName": "Department",
"MRAcquisitionType": "3D",
"MagneticFieldStrength": 6.98,
"Manufacturer": "Siemens",
"ManufacturersModelName": "Investigational_Device_7T",
"Modality": "MR",
"ParallelReductionFactorInPlane": 2,
"PartialFourier": 1,
"PatientPosition": "HFS",
"PercentPhaseFOV": 100,
"PhaseEncodingSteps": 255,
"PhaseResolution": 1,
"PixelBandwidth": 130,
"ProcedureStepDescription": "UserProtocols_gonzalez",
"ProtocolName": "ANAT_NORM_PD_1.0iso",
"PulseSequenceDetails": "%SiemensSeq%_tfl",
"ReceiveCoilName": "32Ch_Head_7T",
"ReconMatrixPE": 256,
"RepetitionTime": 1.78,
"SAR": 0.0274212,
"ScanningSequence": "GR",
"SequenceName": "tfl3d1rr_ns",
"SequenceVariant": "SP",
"SeriesDescription": "ANAT_NORM_PD_1.0iso",
"SeriesNumber": 20,
"ShimSetting": [
-145,
71,
1223,
1101,
-214,
-488,
559,
-266
],
"SliceThickness": 1,
"SoftwareVersions": "syngo_MR_B17",
"StationName": "FMRIFD7T",
"TxRefAmp": 285,
"dcmmeta_affine": [
[
0.9997426271438599,
-0.02268734574317932,
0.0,
-92.48776245117188
],
[
0.02268734574317932,
0.9997426271438599,
0.0,
-97.04920959472656
],
[
0.0,
0.0,
1.0,
-145.08035278320312
],
[
0.0,
0.0,
0.0,
1.0
]
],
"dcmmeta_reorient_transform": [
[
0.0,
0.0,
-1.0,
255.0
],
[
0.0,
-1.0,
0.0,
255.0
],
[
-1.0,
0.0,
0.0,
191.0
],
[
0.0,
0.0,
0.0,
1.0
]
],
"dcmmeta_shape": [
192,
256,
256
],
"dcmmeta_slice_dim": 0,
"dcmmeta_version": 0.6,
"global": {
"const": {
"AcquisitionMatrix": [
0,
256,
256,
0
],
"AcquisitionNumber": 1,
"AcquisitionTime": "155449.632500",
"AngioFlag": "N",
"BitsAllocated": 16,
"BitsStored": 12,
"BodyPartExamined": "HEAD",
"Columns": 256,
"EchoNumbers": 1,
"EchoTime": 3.86,
"EchoTrainLength": 1,
"FlipAngle": 6.0,
"HighBit": 11,
"ImageOrientationPatient": [
-0.022687345887,
0.99974260904325,
0.0,
0.0,
0.0,
-1.0
],
"ImageType": [
"ORIGINAL",
"PRIMARY",
"M",
"ND"
],
"ImagedNucleus": "1H",
"ImagingFrequency": 297.20509,
"InPlanePhaseEncodingDirection": "ROW",
"MRAcquisitionType": "3D",
"MagneticFieldStrength": 6.98,
"Manufacturer": "SIEMENS",
"ManufacturerModelName": "Investigational_Device_7T",
"Modality": "MR",
"NumberOfAverages": 1.0,
"NumberOfPhaseEncodingSteps": 255,
"PercentPhaseFieldOfView": 100.0,
"PercentSampling": 100.0,
"PerformedProcedureStepStartTime": "135833.816000",
"PhotometricInterpretation": "MONOCHROME2",
"PixelBandwidth": 130.0,
"PixelRepresentation": 0,
"PixelSpacing": [
1.0,
1.0
],
"PositionReferenceIndicator": "",
"ProtocolName": "ANAT_NORM_PD_1.0iso",
"RepetitionTime": 1780.0,
"Rows": 256,
"SAR": 0.02742114942523,
"SamplesPerPixel": 1,
"ScanningSequence": "GR",
"SequenceName": "tfl3d1rr_ns",
"SequenceVariant": "SP",
"SeriesDescription": "ANAT_NORM_PD_1.0iso",
"SeriesNumber": 20,
"SliceThickness": 1.0,
"SmallestImagePixelValue": 0,
"SoftwareVersions": "syngo MR B17",
"TransmitCoilName": "32Ch_Head_7T",
"VariableFlipAngleFlag": "N",
"WindowCenterWidthExplanation": "Algo1",
"dBdt": 0.0
},
