{
"AcquisitionMatrixPE": 256,
"AcquisitionNumber": 1,
"AcquisitionTime": "19:51:22.485000",
"BaseResolution": 256,
"BodyPartExamined": "HEAD",
"ConversionSoftware": "dcm2niix",
"ConversionSoftwareVersion": "v1.0.20180622 GCC6.3.0",
"DeviceSerialNumber": "18926",
"DwellTime": 1.51e-05,
"EchoTime": 0.00388,
"FlipAngle": 6,
"ImageOrientationPatientDICOM": [
0.0384068,
0.999262,
-2.74061e-08,
0.0313644,
-0.00120552,
-0.999507
],
"ImageType": [
"ORIGINAL",
"PRIMARY",
"M",
"ND"
],
"InPlanePhaseEncodingDirectionDICOM": "ROW",
"InstitutionName": "NIMH",
"InstitutionalDepartmentName": "Department",
"InversionTime": 1.5,
"MRAcquisitionType": "3D",
"MagneticFieldStrength": 6.98,
"Manufacturer": "Siemens",
"ManufacturersModelName": "Investigational_Device_7T",
"Modality": "MR",
"ParallelReductionFactorInPlane": 2,
"PartialFourier": 1,
"PatientPosition": "HFS",
"PercentPhaseFOV": 100,
"PhaseEncodingSteps": 255,
"PhaseResolution": 1,
"PixelBandwidth": 129,
"ProcedureStepDescription": "MRI_Procedure_Limited",
"ProtocolName": "ANAT_T1_MPRAGE_1.0iso",
"PulseSequenceDetails": "%SiemensSeq%_tfl",
"ReceiveCoilName": "32Ch_Head_7T",
"ReconMatrixPE": 256,
"RepetitionTime": 3,
"SAR": 0.0656663,
"ScanOptions": "IR",
"ScanningSequence": "GR_IR",
"SequenceName": "tfl3d1rr_ns",
"SequenceVariant": "SP_MP",
"SeriesDescription": "ANAT_T1_MPRAGE_1.0iso",
"SeriesNumber": 18,
"ShimSetting": [
-61,
150,
801,
1107,
-197,
193,
162,
-483
],
"SliceThickness": 1,
"SoftwareVersions": "syngo_MR_B17",
"StationName": "FMRIFD7T",
"TxRefAmp": 321,
"dcmmeta_affine": [
[
0.9987698197364807,
0.03840675950050354,
0.031364426016807556,
-105.48712921142578
],
[
-0.038387835025787354,
0.9992622137069702,
-0.0012055227998644114,
-89.65301513671875
],
[
-0.031387582421302795,
2.740614490903681e-08,
0.9995073080062866,
-145.43411254882812
],
[
0.0,
0.0,
0.0,
1.0
]
],
"dcmmeta_reorient_transform": [
[
0.0,
0.0,
-1.0,
255.0
],
[
0.0,
-1.0,
0.0,
255.0
],
[
-1.0,
0.0,
0.0,
191.0
],
[
0.0,
0.0,
0.0,
1.0
]
],
"dcmmeta_shape": [
192,
256,
256
],
"dcmmeta_slice_dim": 0,
"dcmmeta_version": 0.6,
"global": {
"const": {
"AcquisitionMatrix": [
0,
256,
256,
0
],
"AcquisitionNumber": 1,
"AcquisitionTime": "195122.485000",
"Allergies": "No Known Allergies",
"AngioFlag": "N",
"BitsAllocated": 16,
"BitsStored": 12,
"BodyPartExamined": "HEAD",
"Columns": 256,
"EchoNumbers": 1,
"EchoTime": 3.88,
"EchoTrainLength": 1,
"FlipAngle": 6.0,
"HighBit": 11,
"ImageOrientationPatient": [
0.03840675963674,
0.99926218822399,
-2.74061442e-08,
0.03136442491236,
-0.0012055227703,
-0.9995072884
],
"ImageType": [
"ORIGINAL",
"PRIMARY",
"M",
"ND"
],
"ImagedNucleus": "1H",
"ImagingFrequency": 297.205043,
"InPlanePhaseEncodingDirection": "ROW",
"InversionTime": 1500.0,
"MRAcquisitionType": "3D",
"MagneticFieldStrength": 6.98,
"Manufacturer": "SIEMENS",
"ManufacturerModelName": "Investigational_Device_7T",
"Modality": "MR",
"NumberOfAverages": 1.0,
"NumberOfPhaseEncodingSteps": 255,
"PercentPhaseFieldOfView": 100.0,
"PercentSampling": 100.0,
"PerformedProcedureStepStartTime": "180307.448000",
"PhotometricInterpretation": "MONOCHROME2",
"PixelBandwidth": 129.0,
"PixelRepresentation": 0,
"PixelSpacing": [
1.0,
1.0
],
"PositionReferenceIndicator": "",
"ProcedureCodeSequence": [
{
"CodeMeaning": "MRI Procedure Limited",
"CodeValue": "MI01491",
"CodingSchemeDesignator": "USA Standard",
"ContextIdentifier": "4000127006"
}
],
"ProtocolName": "ANAT_T1_MPRAGE_1.0iso",
"ReferencedStudySequence": [
{
"ReferencedSOPClassUID": "1.2.840.10008.3.1.2.3.1",
"ReferencedSOPInstanceUID": "1.2.840.113564.9.1.2787814059.53.2.5000092844"
}
],
"RepetitionTime": 3000.0,
"RequestedProcedureCodeSequence": [
{
"CodeMeaning": "MRI Procedure Limited",
"CodeValue": "MI01491",
"CodingSchemeDesignator": "USA Standard",
"ContextIdentifier": "4000127006"
}
],
"RequestingService": "NIHM Molecular Imaging Branch",
"Rows": 256,
"SAR": 0.06566628986385,
"SamplesPerPixel": 1,
"ScanOptions": "IR",
"ScanningSequence": [
"GR",
"IR"
],
"SequenceName": "tfl3d1rr_ns",
"SequenceVariant": [
"SP",
"MP"
],
"SeriesDescription": "ANAT_T1_MPRAGE_1.0iso",
"SeriesNumber": 18,
"SliceThickness": 1.0,
"SmallestImagePixelValue": 0,
"SoftwareVersions": "syngo MR B17",
"TransmitCoilName": "32Ch_Head_7T",
"VariableFlipAngleFlag": "N",
"WindowCenterWidthExplanation": "Algo1",
"dBdt": 0.0
},
