{
"AcquisitionMatrixPE": 96,
"AcquisitionNumber": 1,
"AcquisitionTime": "17:39:57.610000",
"BandwidthPerPixelPhaseEncode": 52.083,
"BaseResolution": 96,
"BodyPartExamined": "HEAD",
"ConversionSoftware": "dcm2niix",
"ConversionSoftwareVersion": "v1.0.20180622 GCC6.3.0",
"DerivedVendorReportedEchoSpacing": 0.000600004,
"DeviceSerialNumber": "18926",
"DwellTime": 2.6e-06,
"EchoTime": 0.025,
"EffectiveEchoSpacing": 0.000200001,
"FlipAngle": 50,
"ImageOrientationPatientDICOM": [
0.999992,
0.000811021,
0.0040232,
2.21017e-10,
0.98028,
-0.197611
],
"ImageType": [
"ORIGINAL",
"PRIMARY",
"M",
"ND",
"ECHO",
"00",
"MOSAIC"
],
"InPlanePhaseEncodingDirectionDICOM": "ROW",
"InstitutionName": "NIMH",
"InstitutionalDepartmentName": "Department",
"MRAcquisitionType": "2D",
"MagneticFieldStrength": 6.98,
"Manufacturer": "Siemens",
"ManufacturersModelName": "Investigational_Device_7T",
"Modality": "MR",
"ParallelReductionFactorInPlane": 3,
"PartialFourier": 1,
"PatientPosition": "HFS",
"PercentPhaseFOV": 100,
"PhaseEncodingDirection": "i",
"PhaseEncodingSteps": 94,
"PhaseResolution": 1,
"PixelBandwidth": 2003,
"ProcedureStepDescription": "MRI_Procedure_Limited",
"ProtocolName": "NIH_EPI_2.0iso_TR2_Run12",
"PulseSequenceDetails": "%CustomerSeq%_inati_nih_epi",
"ReceiveCoilName": "32Ch_Head_7T",
"ReconMatrixPE": 96,
"RepetitionTime": 2,
"SAR": 0.0696005,
"ScanningSequence": "EP",
"SequenceName": "epfid2d1_96",
"SequenceVariant": "SK",
"SeriesDescription": "NIH_EPI_2.0iso_TR2_Run12",
"SeriesNumber": 16,
"ShimSetting": [
-54,
274,
831,
868,
-231,
975,
388,
-502
],
"SliceThickness": 2,
"SliceTiming": [
1.005,
0,
1.0425,
0.0375,
1.08,
0.075,
1.1175,
0.1125,
1.1525,
0.15,
1.19,
0.1875,
1.2275,
0.225,
1.265,
0.26,
1.3025,
0.2975,
1.34,
0.335,
1.3775,
0.3725,
1.4125,
0.41,
1.45,
0.4475,
1.4875,
0.485,
1.525,
0.5225,
1.5625,
0.5575,
1.6,
0.595,
1.6375,
0.6325,
1.675,
0.67,
1.71,
0.7075,
1.7475,
0.745,
1.785,
0.7825,
1.8225,
0.82,
1.86,
0.855,
1.8975,
0.8925,
1.935,
0.93,
1.9725,
0.9675
],
"SoftwareVersions": "syngo_MR_B17",
"SpacingBetweenSlices": 2,
"StationName": "FMRIFD7T",
"TaskName": "HalfFovNoTask",
"TotalReadoutTime": 0.0190001,
"TxRefAmp": 321,
"dcmmeta_affine": [
[
-1.9999831914901733,
4.4203418703148145e-10,
0.008208253420889378,
95.76705169677734
],
[
-0.0016220425022765994,
1.960560917854309,
-0.3952191174030304,
-55.294212341308594
],
[
0.008046390488743782,
0.39522242546081543,
1.960544466972351,
-48.509117126464844
],
[
0.0,
0.0,
0.0,
1.0
]
],
"dcmmeta_reorient_transform": [
[
0.0,
-1.0,
0.0,
95.0
],
[
1.0,
0.0,
0.0,
0.0
],
[
0.0,
0.0,
1.0,
0.0
],
[
0.0,
0.0,
0.0,
1.0
]
],
"dcmmeta_shape": [
96,
96,
54,
164
],
"dcmmeta_slice_dim": 2,
"dcmmeta_version": 0.6,
"global": {
"const": {
"AcquisitionMatrix": [
0,
96,
96,
0
],
"Allergies": "No Known Allergies",
"AngioFlag": "N",
"BitsAllocated": 16,
"BitsStored": 12,
"BodyPartExamined": "HEAD",
"Columns": 768,
"EchoNumbers": 1,
"EchoTime": 25.0,
"EchoTrainLength": 1,
"FlipAngle": 50.0,
"HighBit": 11,
"ImageOrientationPatient": [
0.99999157803651,
0.00081102126218,
0.0040231953173,
2.210171e-10,
0.9802804733507,
-0.1976112182224
],
"ImagePositionPatient": [
-767.7613927826,
-790.25256366957,
119.1281658306
],
"ImageType": [
"ORIGINAL",
"PRIMARY",
"M",
"ND",
"ECHO_00",
"MOSAIC"
],
"ImagedNucleus": "1H",
"ImagingFrequency": 297.205082,
"InPlanePhaseEncodingDirection": "ROW",
"LargestImagePixelValue": 4095,
"MRAcquisitionType": "2D",
"MagneticFieldStrength": 6.98,
"Manufacturer": "SIEMENS",
"ManufacturerModelName": "Investigational_Device_7T",
"Modality": "MR",
"NumberOfAverages": 1.0,
"NumberOfPhaseEncodingSteps": 94,
"PercentPhaseFieldOfView": 100.0,
"PercentSampling": 100.0,
"PerformedProcedureStepStartTime": "160630.465000",
"PhotometricInterpretation": "MONOCHROME2",
"PixelBandwidth": 2003.0,
"PixelRepresentation": 0,
"PixelSpacing": [
2.0,
2.0
],
"PositionReferenceIndicator": "",
"ProcedureCodeSequence": [
{
"CodeMeaning": "MRI Procedure Limited",
"CodeValue": "MI01491",
"CodingSchemeDesignator": "USA Standard",
"ContextIdentifier": "4000133397"
}
],
"ProtocolName": "NIH_EPI_2.0iso_TR2_Run12",
"ReferencedStudySequence": [
{
"ReferencedSOPClassUID": "1.2.840.10008.3.1.2.3.1",
"ReferencedSOPInstanceUID": "1.2.840.113564.9.1.2787814059.53.2.5000099247"
}
],
"RepetitionTime": 2000.0,
"RequestedProcedureCodeSequence": [
{
"CodeMeaning": "MRI Procedure Limited",
"CodeValue": "MI01491",
"CodingSchemeDesignator": "USA Standard",
"ContextIdentifier": "4000133397"
}
],
"RequestingService": "NIMH Molecular Imaging Branch",
"Rows": 768,
"SAR": 0.06960045299858,
"SamplesPerPixel": 1,
"ScanningSequence": "EP",
"SequenceName": "epfid2d1_96",
"SequenceVariant": "SK",
"SeriesDescription": "NIH_EPI_2.0iso_TR2_Run12",
"SeriesNumber": 16,
"SliceLocation": -36.232435293683,
"SliceThickness": 2.0,
"SmallestImagePixelValue": 0,
"SoftwareVersions": "syngo MR B17",
"SpacingBetweenSlices": 2.0000000022588,
"TransmitCoilName": "32Ch_Head_7T",
"VariableFlipAngleFlag": "N",
"WindowCenterWidthExplanation": "Algo1",
"dBdt": 0.0
},
