{
"AcquisitionMatrixPE": 256,
"AcquisitionNumber": 1,
"AcquisitionTime": "17:51:32.657500",
"BaseResolution": 256,
"BodyPartExamined": "HEAD",
"ConversionSoftware": "dcm2niix",
"ConversionSoftwareVersion": "v1.0.20180622 GCC6.3.0",
"DeviceSerialNumber": "18926",
"DwellTime": 1.5e-05,
"EchoTime": 0.00386,
"FlipAngle": 6,
"ImageOrientationPatientDICOM": [
0.0314119,
0.999507,
2.08974e-08,
-0.00871798,
0.000274005,
-0.999962
],
"ImageType": [
"ORIGINAL",
"PRIMARY",
"M",
"ND"
],
"InPlanePhaseEncodingDirectionDICOM": "ROW",
"InstitutionName": "NIMH",
"InstitutionalDepartmentName": "Department",
"MRAcquisitionType": "3D",
"MagneticFieldStrength": 6.98,
"Manufacturer": "Siemens",
"ManufacturersModelName": "Investigational_Device_7T",
"Modality": "MR",
"ParallelReductionFactorInPlane": 2,
"PartialFourier": 1,
"PatientPosition": "HFS",
"PercentPhaseFOV": 100,
"PhaseEncodingSteps": 255,
"PhaseResolution": 1,
"PixelBandwidth": 130,
"ProcedureStepDescription": "MRI_Procedure_Limited",
"ProtocolName": "ANAT_NORM_PD_1.0iso",
"PulseSequenceDetails": "%SiemensSeq%_tfl",
"ReceiveCoilName": "32Ch_Head_7T",
"ReconMatrixPE": 256,
"RepetitionTime": 1.78,
"SAR": 0.0273017,
"ScanningSequence": "GR",
"SequenceName": "_tfl3d1rr_ns",
"SequenceVariant": "SP",
"SeriesDescription": "ANAT_NORM_PD_1.0iso",
"SeriesNumber": 18,
"ShimSetting": [
-118,
10,
1178,
1656,
-213,
-29,
288,
-334
],
"SliceThickness": 1,
"SoftwareVersions": "syngo_MR_B17",
"StationName": "FMRIFD7T",
"TxRefAmp": 286,
"dcmmeta_affine": [
[
0.9994685053825378,
0.031411945819854736,
-0.008717980235815048,
-98.8997573852539
],
[
-0.03141075000166893,
0.9995065331459045,
0.0002740048512350768,
-86.49006652832031
],
[
0.008722285740077496,
-2.089740291921771e-08,
0.9999619722366333,
-143.87413024902344
],
[
0.0,
0.0,
0.0,
1.0
]
],
"dcmmeta_reorient_transform": [
[
0.0,
0.0,
-1.0,
255.0
],
[
0.0,
-1.0,
0.0,
255.0
],
[
-1.0,
0.0,
0.0,
191.0
],
[
0.0,
0.0,
0.0,
1.0
]
],
"dcmmeta_shape": [
192,
256,
256
],
"dcmmeta_slice_dim": 0,
"dcmmeta_version": 0.6,
"global": {
"const": {
"AcquisitionMatrix": [
0,
256,
256,
0
],
"AcquisitionNumber": 1,
"AcquisitionTime": "175132.657500",
"Allergies": "No Known Allergies",
"AngioFlag": "N",
"BitsAllocated": 16,
"BitsStored": 12,
"BodyPartExamined": "HEAD",
"Columns": 256,
"EchoNumbers": 1,
"EchoTime": 3.86,
"EchoTrainLength": 1,
"FlipAngle": 6.0,
"HighBit": 11,
"ImageOrientationPatient": [
0.03141194506035,
0.99950652309403,
2.08974031e-08,
-0.0087179806578,
0.00027400484113,
-0.9999619601438
],
"ImageType": [
"ORIGINAL",
"PRIMARY",
"M",
"ND"
],
"ImagedNucleus": "1H",
"ImagingFrequency": 297.204975,
"InPlanePhaseEncodingDirection": "ROW",
"MRAcquisitionType": "3D",
"MagneticFieldStrength": 6.98,
"Manufacturer": "SIEMENS",
"ManufacturerModelName": "Investigational_Device_7T",
"Modality": "MR",
"NumberOfAverages": 1.0,
"NumberOfPhaseEncodingSteps": 255,
"PercentPhaseFieldOfView": 100.0,
"PercentSampling": 100.0,
"PerformedProcedureStepStartTime": "161157.887000",
"PhotometricInterpretation": "MONOCHROME2",
"PixelBandwidth": 130.0,
"PixelRepresentation": 0,
"PixelSpacing": [
1.0,
1.0
],
"PositionReferenceIndicator": "",
"ProcedureCodeSequence": [
{
"CodeMeaning": "MRI Procedure Limited",
"CodeValue": "MI01491",
"CodingSchemeDesignator": "USA Standard",
"ContextIdentifier": "4000133395"
}
],
"ProtocolName": "ANAT_NORM_PD_1.0iso",
"ReferencedStudySequence": [
{
"ReferencedSOPClassUID": "1.2.840.10008.3.1.2.3.1",
"ReferencedSOPInstanceUID": "1.2.840.113564.9.1.2787814059.53.2.5000099245"
}
],
"RepetitionTime": 1780.0,
"RequestedProcedureCodeSequence": [
{
"CodeMeaning": "MRI Procedure Limited",
"CodeValue": "MI01491",
"CodingSchemeDesignator": "USA Standard",
"ContextIdentifier": "4000133395"
}
],
"RequestingService": "NIMH Molecular Imaging Branch",
"Rows": 256,
"SAR": 0.0273017238128,
"SamplesPerPixel": 1,
"ScanningSequence": "GR",
"SequenceName": "*tfl3d1rr_ns",
"SequenceVariant": "SP",
"SeriesDescription": "ANAT_NORM_PD_1.0iso",
"SeriesNumber": 18,
"SliceThickness": 1.0,
"SmallestImagePixelValue": 0,
"SoftwareVersions": "syngo MR B17",
"TransmitCoilName": "32Ch_Head_7T",
"VariableFlipAngleFlag": "N",
"WindowCenterWidthExplanation": "Algo1",
"dBdt": 0.0
},
