{
"AcquisitionMatrixPE": 256,
"AcquisitionNumber": 1,
"AcquisitionTime": "19:40:58.742500",
"BaseResolution": 256,
"BodyPartExamined": "HEAD",
"ConversionSoftware": "dcm2niix",
"ConversionSoftwareVersion": "v1.0.20180622 GCC6.3.0",
"DeviceSerialNumber": "18926",
"DwellTime": 1.51e-05,
"EchoTime": 0.00388,
"FlipAngle": 6,
"ImageOrientationPatientDICOM": [
0.0157074,
0.999877,
0,
0,
0,
-1
],
"ImageType": [
"ORIGINAL",
"PRIMARY",
"M",
"ND"
],
"InPlanePhaseEncodingDirectionDICOM": "ROW",
"InstitutionName": "NIMH",
"InstitutionalDepartmentName": "Department",
"InversionTime": 1.5,
"MRAcquisitionType": "3D",
"MagneticFieldStrength": 6.98,
"Manufacturer": "Siemens",
"ManufacturersModelName": "Investigational_Device_7T",
"Modality": "MR",
"ParallelReductionFactorInPlane": 2,
"PartialFourier": 1,
"PatientPosition": "HFS",
"PercentPhaseFOV": 100,
"PhaseEncodingSteps": 255,
"PhaseResolution": 1,
"PixelBandwidth": 129,
"ProcedureStepDescription": "MRI_Brain",
"ProtocolName": "ANAT_T1_MPRAGE_1.0iso",
"PulseSequenceDetails": "%SiemensSeq%_tfl",
"ReceiveCoilName": "32Ch_Head_7T",
"ReconMatrixPE": 256,
"RepetitionTime": 3,
"SAR": 0.0666881,
"ScanOptions": "IR",
"ScanningSequence": "GR_IR",
"SequenceName": "tfl3d1rr_ns",
"SequenceVariant": "SP_MP",
"SeriesDescription": "ANAT_T1_MPRAGE_1.0iso",
"SeriesNumber": 13,
"ShimSetting": [
-48,
68,
873,
1274,
-141,
-90,
193,
-459
],
"SliceThickness": 1,
"SoftwareVersions": "syngo_MR_B17",
"StationName": "FMRIFD7T",
"TxRefAmp": 326,
"dcmmeta_affine": [
[
0.9998766183853149,
0.015707366168498993,
0.0,
-96.70199584960938
],
[
-0.015707366168498993,
0.9998766183853149,
0.0,
-89.3513412475586
],
[
0.0,
0.0,
1.0,
-132.26107788085938
],
[
0.0,
0.0,
0.0,
1.0
]
],
"dcmmeta_reorient_transform": [
[
0.0,
0.0,
-1.0,
255.0
],
[
0.0,
-1.0,
0.0,
255.0
],
[
-1.0,
0.0,
0.0,
191.0
],
[
0.0,
0.0,
0.0,
1.0
]
],
"dcmmeta_shape": [
192,
256,
256
],
"dcmmeta_slice_dim": 0,
"dcmmeta_version": 0.6,
"global": {
"const": {
"AcquisitionMatrix": [
0,
256,
256,
0
],
"AcquisitionNumber": 1,
"AcquisitionTime": "194058.742500",
"Allergies": "No Known Allergies",
"AngioFlag": "N",
"BitsAllocated": 16,
"BitsStored": 12,
"BodyPartExamined": "HEAD",
"Columns": 256,
"EchoNumbers": 1,
"EchoTime": 3.88,
"EchoTrainLength": 1,
"FlipAngle": 6.0,
"HighBit": 11,
"ImageOrientationPatient": [
0.01570736556294,
0.99987663172367,
0.0,
0.0,
0.0,
-1.0
],
"ImageType": [
"ORIGINAL",
"PRIMARY",
"M",
"ND"
],
"ImagedNucleus": "1H",
"ImagingFrequency": 297.204964,
"InPlanePhaseEncodingDirection": "ROW",
"InversionTime": 1500.0,
"MRAcquisitionType": "3D",
"MagneticFieldStrength": 6.98,
"Manufacturer": "SIEMENS",
"ManufacturerModelName": "Investigational_Device_7T",
"Modality": "MR",
"NumberOfAverages": 1.0,
"NumberOfPhaseEncodingSteps": 255,
"PercentPhaseFieldOfView": 100.0,
"PercentSampling": 100.0,
"PerformedProcedureStepStartTime": "183342.484000",
"PhotometricInterpretation": "MONOCHROME2",
"PixelBandwidth": 129.0,
"PixelRepresentation": 0,
"PixelSpacing": [
1.0,
1.0
],
"PositionReferenceIndicator": "",
"ProcedureCodeSequence": [
{
"CodeMeaning": "MRI Brain",
"CodeValue": "MI01417",
"CodingSchemeDesignator": "USA Standard",
"ContextIdentifier": "4000120207"
}
],
"ProtocolName": "ANAT_T1_MPRAGE_1.0iso",
"ReferencedStudySequence": [
{
"ReferencedSOPClassUID": "1.2.840.10008.3.1.2.3.1",
"ReferencedSOPInstanceUID": "1.2.840.113564.9.1.2723958737.61.2.5000086038"
}
],
"RepetitionTime": 3000.0,
"RequestedProcedureCodeSequence": [
{
"CodeMeaning": "MRI Brain",
"CodeValue": "MI01417",
"CodingSchemeDesignator": "USA Standard",
"ContextIdentifier": "4000120207"
}
],
"RequestingService": "NIHM Molecular Imaging Branch",
"Rows": 256,
"SAR": 0.06668805383679,
"SamplesPerPixel": 1,
"ScanOptions": "IR",
"ScanningSequence": [
"GR",
"IR"
],
"SequenceName": "tfl3d1rr_ns",
"SequenceVariant": [
"SP",
"MP"
],
"SeriesDescription": "ANAT_T1_MPRAGE_1.0iso",
"SeriesNumber": 13,
"SliceThickness": 1.0,
"SmallestImagePixelValue": 0,
"SoftwareVersions": "syngo MR B17",
"TransmitCoilName": "32Ch_Head_7T",
"VariableFlipAngleFlag": "N",
"WindowCenterWidthExplanation": "Algo1",
"dBdt": 0.0
},
