{
"AcquisitionMatrixPE": 96,
"AcquisitionNumber": 1,
"AcquisitionTime": "19:01:22.220000",
"BandwidthPerPixelPhaseEncode": 52.083,
"BaseResolution": 96,
"BodyPartExamined": "HEAD",
"ConversionSoftware": "dcm2niix",
"ConversionSoftwareVersion": "v1.0.20180622 GCC6.3.0",
"DerivedVendorReportedEchoSpacing": 0.000600004,
"DeviceSerialNumber": "18926",
"DwellTime": 2.6e-06,
"EchoTime": 0.025,
"EffectiveEchoSpacing": 0.000200001,
"FlipAngle": 50,
"ImageOrientationPatientDICOM": [
0.999992,
0.000789945,
0.00402739,
2.04197e-10,
0.981302,
-0.192476
],
"ImageType": [
"ORIGINAL",
"PRIMARY",
"M",
"ND",
"ECHO",
"00",
"MOSAIC"
],
"InPlanePhaseEncodingDirectionDICOM": "ROW",
"InstitutionName": "NIMH",
"InstitutionalDepartmentName": "Department",
"MRAcquisitionType": "2D",
"MagneticFieldStrength": 6.98,
"Manufacturer": "Siemens",
"ManufacturersModelName": "Investigational_Device_7T",
"Modality": "MR",
"ParallelReductionFactorInPlane": 3,
"PartialFourier": 1,
"PatientPosition": "HFS",
"PercentPhaseFOV": 100,
"PhaseEncodingDirection": "i",
"PhaseEncodingSteps": 94,
"PhaseResolution": 1,
"PixelBandwidth": 2003,
"ProcedureStepDescription": "MRI_Brain",
"ProtocolName": "NIH_EPI_2.0iso_TR2_Run03",
"PulseSequenceDetails": "%CustomerSeq%_inati_nih_epi",
"ReceiveCoilName": "32Ch_Head_7T",
"ReconMatrixPE": 96,
"RepetitionTime": 2,
"SAR": 0.0815459,
"ScanningSequence": "EP",
"SequenceName": "epfid2d1_96",
"SequenceVariant": "SK",
"SeriesDescription": "NIH_EPI_2.0iso_TR2_Run03",
"SeriesNumber": 7,
"ShimSetting": [
-52,
147,
883,
1279,
-152,
463,
179,
-443
],
"SliceThickness": 2,
"SliceTiming": [
1.0025,
0,
1.04,
0.0375,
1.0775,
0.075,
1.115,
0.1125,
1.1525,
0.1475,
1.19,
0.185,
1.2275,
0.2225,
1.265,
0.26,
1.3,
0.2975,
1.3375,
0.335,
1.375,
0.3725,
1.4125,
0.41,
1.45,
0.445,
1.4875,
0.4825,
1.525,
0.52,
1.5625,
0.5575,
1.5975,
0.595,
1.635,
0.6325,
1.6725,
0.67,
1.71,
0.705,
1.7475,
0.7425,
1.785,
0.78,
1.8225,
0.8175,
1.8575,
0.855,
1.895,
0.8925,
1.9325,
0.93,
1.97,
0.9675
],
"SoftwareVersions": "syngo_MR_B17",
"SpacingBetweenSlices": 2,
"StationName": "FMRIFD7T",
"TaskName": "HalfFovNoTask",
"TotalReadoutTime": 0.0190001,
"TxRefAmp": 326,
"dcmmeta_affine": [
[
-1.9999831914901733,
4.0839379100710005e-10,
0.008208253420889378,
95.76705169677734
],
[
-0.0015798897948116064,
1.9626034498214722,
-0.38494834303855896,
-56.340240478515625
],
[
0.008054773323237896,
0.3849515914916992,
1.9625868797302246,
-42.00886535644531
],
[
0.0,
0.0,
0.0,
1.0
]
],
"dcmmeta_reorient_transform": [
[
0.0,
-1.0,
0.0,
95.0
],
[
1.0,
0.0,
0.0,
0.0
],
[
0.0,
0.0,
1.0,
0.0
],
[
0.0,
0.0,
0.0,
1.0
]
],
"dcmmeta_shape": [
96,
96,
54,
164
],
"dcmmeta_slice_dim": 2,
"dcmmeta_version": 0.6,
"global": {
"const": {
"AcquisitionMatrix": [
0,
96,
96,
0
],
"Allergies": "No Known Allergies",
"AngioFlag": "N",
"BitsAllocated": 16,
"BitsStored": 12,
"BodyPartExamined": "HEAD",
"Columns": 768,
"EchoNumbers": 1,
"EchoTime": 25.0,
"EchoTrainLength": 1,
"FlipAngle": 50.0,
"HighBit": 11,
"ImageOrientationPatient": [
0.99999157803654,
0.00078994487055,
0.00402738663197,
2.041969e-10,
0.98130172034061,
-0.1924758001842
],
"ImagePositionPatient": [
-767.7613927697,
-790.07268519809,
121.19887111008
],
"ImageType": [
"ORIGINAL",
"PRIMARY",
"M",
"ND",
"ECHO_00",
"MOSAIC"
],
"ImagedNucleus": "1H",
"ImagingFrequency": 297.204844,
"InPlanePhaseEncodingDirection": "ROW",
"LargestImagePixelValue": 4095,
"MRAcquisitionType": "2D",
"MagneticFieldStrength": 6.98,
"Manufacturer": "SIEMENS",
"ManufacturerModelName": "Investigational_Device_7T",
"Modality": "MR",
"NumberOfAverages": 1.0,
"NumberOfPhaseEncodingSteps": 94,
"PercentPhaseFieldOfView": 100.0,
"PercentSampling": 100.0,
"PerformedProcedureStepStartTime": "183342.484000",
"PhotometricInterpretation": "MONOCHROME2",
"PixelBandwidth": 2003.0,
"PixelRepresentation": 0,
"PixelSpacing": [
2.0,
2.0
],
"PositionReferenceIndicator": "",
"ProcedureCodeSequence": [
{
"CodeMeaning": "MRI Brain",
"CodeValue": "MI01417",
"CodingSchemeDesignator": "USA Standard",
"ContextIdentifier": "4000120207"
}
],
"ProtocolName": "NIH_EPI_2.0iso_TR2_Run03",
"ReferencedStudySequence": [
{
"ReferencedSOPClassUID": "1.2.840.10008.3.1.2.3.1",
"ReferencedSOPInstanceUID": "1.2.840.113564.9.1.2723958737.61.2.5000086038"
}
],
"RepetitionTime": 2000.0,
"RequestedProcedureCodeSequence": [
{
"CodeMeaning": "MRI Brain",
"CodeValue": "MI01417",
"CodingSchemeDesignator": "USA Standard",
"ContextIdentifier": "4000120207"
}
],
"RequestingService": "NIHM Molecular Imaging Branch",
"Rows": 768,
"SAR": 0.08154586538278,
"SamplesPerPixel": 1,
"ScanningSequence": "EP",
"SequenceName": "epfid2d1_96",
"SequenceVariant": "SK",
"SeriesDescription": "NIH_EPI_2.0iso_TR2_Run03",
"SeriesNumber": 7,
"SliceLocation": -29.98594245138,
"SliceThickness": 2.0,
"SmallestImagePixelValue": 0,
"SoftwareVersions": "syngo MR B17",
"SpacingBetweenSlices": 1.9999999763491,
"TransmitCoilName": "32Ch_Head_7T",
"VariableFlipAngleFlag": "N",
"WindowCenterWidthExplanation": "Algo1",
"dBdt": 0.0
},
