{
"AcquisitionMatrixPE": 96,
"AcquisitionNumber": 1,
"AcquisitionTime": "19:11:3.775000",
"BandwidthPerPixelPhaseEncode": 52.083,
"BaseResolution": 96,
"BodyPartExamined": "HEAD",
"ConversionSoftware": "dcm2niix",
"ConversionSoftwareVersion": "v1.0.20180622 GCC6.3.0",
"DerivedVendorReportedEchoSpacing": 0.000600004,
"DeviceSerialNumber": "18926",
"DwellTime": 2.6e-06,
"EchoTime": 0.025,
"EffectiveEchoSpacing": 0.000200001,
"FlipAngle": 50,
"ImageOrientationPatientDICOM": [
0.999992,
0.00106204,
0.00396433,
2.0017e-10,
0.965938,
-0.258774
],
"ImageType": [
"ORIGINAL",
"PRIMARY",
"M",
"ND",
"ECHO",
"00",
"MOSAIC"
],
"InPlanePhaseEncodingDirectionDICOM": "ROW",
"InstitutionName": "NIMH",
"InstitutionalDepartmentName": "Department",
"MRAcquisitionType": "2D",
"MagneticFieldStrength": 6.98,
"Manufacturer": "Siemens",
"ManufacturersModelName": "Investigational_Device_7T",
"Modality": "MR",
"ParallelReductionFactorInPlane": 3,
"PartialFourier": 1,
"PatientPosition": "HFS",
"PercentPhaseFOV": 100,
"PhaseEncodingDirection": "i",
"PhaseEncodingSteps": 94,
"PhaseResolution": 1,
"PixelBandwidth": 2003,
"ProcedureStepDescription": "MRI_Procedure_Limited",
"ProtocolName": "NIH_EPI_2.0iso_TR2_Run08",
"PulseSequenceDetails": "%CustomerSeq%_inati_nih_epi",
"ReceiveCoilName": "32Ch_Head_7T",
"ReconMatrixPE": 96,
"RepetitionTime": 2,
"SAR": 0.0802965,
"ScanningSequence": "EP",
"SequenceName": "epfid2d1_96",
"SequenceVariant": "SK",
"SeriesDescription": "NIH_EPI_2.0iso_TR2_Run08",
"SeriesNumber": 12,
"ShimSetting": [
-68,
215,
840,
1199,
-267,
642,
92,
-480
],
"SliceThickness": 2,
"SliceTiming": [
1.005,
0,
1.0425,
0.0375,
1.0775,
0.075,
1.115,
0.1125,
1.1525,
0.15,
1.19,
0.1875,
1.2275,
0.2225,
1.265,
0.26,
1.3025,
0.2975,
1.34,
0.335,
1.375,
0.3725,
1.4125,
0.41,
1.45,
0.4475,
1.4875,
0.4825,
1.525,
0.52,
1.5625,
0.5575,
1.6,
0.595,
1.6375,
0.6325,
1.6725,
0.67,
1.71,
0.7075,
1.7475,
0.745,
1.785,
0.78,
1.8225,
0.8175,
1.86,
0.855,
1.8975,
0.8925,
1.9325,
0.93,
1.97,
0.9675
],
"SoftwareVersions": "syngo_MR_B17",
"SpacingBetweenSlices": 2,
"StationName": "FMRIFD7T",
"TaskName": "HalfFovNoTask",
"TotalReadoutTime": 0.0190001,
"TxRefAmp": 321,
"dcmmeta_affine": [
[
-1.9999831914901733,
4.0034059400895217e-10,
0.008208253420889378,
95.76705169677734
],
[
-0.002124078804627061,
1.9318759441375732,
-0.517542839050293,
-54.059513092041016
],
[
0.007928663864731789,
0.5175471901893616,
1.9318597316741943,
-55.51789474487305
],
[
0.0,
0.0,
0.0,
1.0
]
],
"dcmmeta_reorient_transform": [
[
0.0,
-1.0,
0.0,
95.0
],
[
1.0,
0.0,
0.0,
0.0
],
[
0.0,
0.0,
1.0,
0.0
],
[
0.0,
0.0,
0.0,
1.0
]
],
"dcmmeta_shape": [
96,
96,
54,
164
],
"dcmmeta_slice_dim": 2,
"dcmmeta_version": 0.6,
"global": {
"const": {
"AcquisitionMatrix": [
0,
96,
96,
0
],
"Allergies": "No Known Allergies",
"AngioFlag": "N",
"BitsAllocated": 16,
"BitsStored": 12,
"BodyPartExamined": "HEAD",
"Columns": 768,
"EchoNumbers": 1,
"EchoTime": 25.0,
"EchoTrainLength": 1,
"FlipAngle": 50.0,
"HighBit": 11,
"ImageOrientationPatient": [
0.99999157803723,
0.00106203942406,
0.00396433183257,
2.001703e-10,
0.96593800087893,
-0.2587736046393
],
"ImagePositionPatient": [
-767.76139276714,
-779.29273444391,
164.88092233343
],
"ImageType": [
"ORIGINAL",
"PRIMARY",
"M",
"ND",
"ECHO_00",
"MOSAIC"
],
"ImagedNucleus": "1H",
"ImagingFrequency": 297.20496,
"InPlanePhaseEncodingDirection": "ROW",
"LargestImagePixelValue": 4095,
"MRAcquisitionType": "2D",
"MagneticFieldStrength": 6.98,
"Manufacturer": "SIEMENS",
"ManufacturerModelName": "Investigational_Device_7T",
"Modality": "MR",
"NumberOfAverages": 1.0,
"NumberOfPhaseEncodingSteps": 94,
"PercentPhaseFieldOfView": 100.0,
"PercentSampling": 100.0,
"PerformedProcedureStepStartTime": "180307.448000",
"PhotometricInterpretation": "MONOCHROME2",
"PixelBandwidth": 2003.0,
"PixelRepresentation": 0,
"PixelSpacing": [
2.0,
2.0
],
"PositionReferenceIndicator": "",
"ProcedureCodeSequence": [
{
"CodeMeaning": "MRI Procedure Limited",
"CodeValue": "MI01491",
"CodingSchemeDesignator": "USA Standard",
"ContextIdentifier": "4000127006"
}
],
"ProtocolName": "NIH_EPI_2.0iso_TR2_Run08",
"ReferencedStudySequence": [
{
"ReferencedSOPClassUID": "1.2.840.10008.3.1.2.3.1",
"ReferencedSOPInstanceUID": "1.2.840.113564.9.1.2787814059.53.2.5000092844"
}
],
"RepetitionTime": 2000.0,
"RequestedProcedureCodeSequence": [
{
"CodeMeaning": "MRI Procedure Limited",
"CodeValue": "MI01491",
"CodingSchemeDesignator": "USA Standard",
"ContextIdentifier": "4000127006"
}
],
"RequestingService": "NIHM Molecular Imaging Branch",
"Rows": 768,
"SAR": 0.08029645587828,
"SamplesPerPixel": 1,
"ScanningSequence": "EP",
"SequenceName": "epfid2d1_96",
"SequenceVariant": "SK",
"SeriesDescription": "NIH_EPI_2.0iso_TR2_Run08",
"SeriesNumber": 12,
"SliceLocation": -39.244294500806,
"SliceThickness": 2.0,
"SmallestImagePixelValue": 0,
"SoftwareVersions": "syngo MR B17",
"SpacingBetweenSlices": 1.9999999794435,
"TransmitCoilName": "32Ch_Head_7T",
"VariableFlipAngleFlag": "N",
"WindowCenterWidthExplanation": "Algo1",
"dBdt": 0.0
},
